PATH
  remote: .
  specs:
    platon-ruby (0.1.0)
      activesupport (>= 4.0)
      digest-sha3 (~> 1.1)

GEM
  remote: https://rubygems.org/
  specs:
    activesupport (5.2.4.4)
      concurrent-ruby (~> 1.0, >= 1.0.2)
      i18n (>= 0.7, < 2)
      minitest (~> 5.1)
      tzinfo (~> 1.1)
    coderay (1.1.2)
    concurrent-ruby (1.1.7)
    diff-lcs (1.3)
    digest-sha3 (1.1.0)
    eth (0.4.10)
      digest-sha3 (~> 1.1)
      ffi (~> 1.0)
      money-tree (~> 0.10.0)
      rlp (~> 0.7.3)
      scrypt (~> 3.0.6)
    ffi (1.11.1)
    ffi-compiler (1.0.1)
      ffi (>= 1.0.0)
      rake
    i18n (1.8.5)
      concurrent-ruby (~> 1.0)
    method_source (0.9.2)
    minitest (5.14.2)
    money-tree (0.10.0)
      ffi
    pry (0.12.2)
      coderay (~> 1.1.0)
      method_source (~> 0.9.0)
    rake (13.0.1)
    rlp (0.7.3)
    rspec (3.4.0)
      rspec-core (~> 3.4.0)
      rspec-expectations (~> 3.4.0)
      rspec-mocks (~> 3.4.0)
    rspec-core (3.4.4)
      rspec-support (~> 3.4.0)
    rspec-expectations (3.4.0)
      diff-lcs (>= 1.2.0, < 2.0)
      rspec-support (~> 3.4.0)
    rspec-mocks (3.4.1)
      diff-lcs (>= 1.2.0, < 2.0)
      rspec-support (~> 3.4.0)
    rspec-support (3.4.1)
    scrypt (3.0.6)
      ffi-compiler (>= 1.0, < 2.0)
    thread_safe (0.3.6)
    tzinfo (1.2.8)
      thread_safe (~> 0.1)

PLATFORMS
  x86_64-darwin-17

DEPENDENCIES
  bundler (~> 2.0)
  eth (~> 0.4)
  platon-ruby!
  pry (~> 0.10)
  rake (~> 13.0)
  rspec (~> 3.0)

BUNDLED WITH
   2.2.4
